GEM
  remote: https://rubygems.org/
  specs:
    colored (1.2)
    command_line_reporter (4.0.0)
      colored (>= 1.2)
    highline (2.0.0)
    minitest (5.11.3)
    options (2.3.2)
    progress_bar (1.3.0)
      highline (>= 1.6, < 3)
      options (~> 2.3.0)

PLATFORMS
  ruby

DEPENDENCIES
  command_line_reporter (>= 3.0)
  minitest
  progress_bar

BUNDLED WITH
   1.17.1
